GEM
  remote: https://rubygems.org/
  specs:
    haml (4.0.5)
      tilt
    mime-types (2.0)
    rack (1.5.2)
    rack-protection (1.5.1)
      rack
    rdf (1.1.1.1)
    rest-client (1.6.7)
      mime-types (>= 1.16)
    shotgun (0.9)
      rack (>= 1.0)
    sinatra (1.4.4)
      rack (~> 1.4)
      rack-protection (~> 1.4)
      tilt (~> 1.3, >= 1.3.4)
    tilt (1.4.1)

PLATFORMS
  ruby

DEPENDENCIES
  haml
  rdf
  rest-client
  shotgun
  sinatra
